PATH
  remote: .
  specs:
    tanga_que_extensions (0.0.22)
      activerecord (> 0)
      airbrake
      dino_utils (>= 0.1.16)
      pg (> 0)
      que (= 0.11.5)

GEM
  remote: https://rubygems.org/
  specs:
    activemodel (4.2.7.1)
      activesupport (= 4.2.7.1)
      builder (~> 3.1)
    activerecord (4.2.7.1)
      activemodel (= 4.2.7.1)
      activesupport (= 4.2.7.1)
      arel (~> 6.0)
    activesupport (4.2.7.1)
      i18n (~> 0.7)
      json (~> 1.7, >= 1.7.7)
      minitest (~> 5.1)
      thread_safe (~> 0.3, >= 0.3.4)
      tzinfo (~> 1.1)
    airbrake (4.3.5)
      builder
      multi_json
    arel (6.0.4)
    builder (3.2.3)
    dino_utils (0.1.19)
      activerecord (~> 4)
      faraday
      faraday-conductivity
      faraday_middleware
      hashie
      net-http-persistent
      pg
    faraday (0.9.2)
      multipart-post (>= 1.2, < 3)
    faraday-conductivity (0.3.1)
      faraday (~> 0.8)
    faraday_middleware (0.11.0.1)
      faraday (>= 0.7.4, < 1.0)
    hashie (3.4.6)
    i18n (0.8.0)
    json (1.8.6)
    minitest (5.9.1)
    multi_json (1.12.1)
    multipart-post (2.0.0)
    net-http-persistent (2.9.4)
    pg (0.18.4)
    que (0.11.5)
    thread_safe (0.3.5)
    tzinfo (1.2.2)
      thread_safe (~> 0.1)

PLATFORMS
  ruby

DEPENDENCIES
  tanga_que_extensions!

BUNDLED WITH
   1.14.3
