PATH
  remote: .
  specs:
    tanga_que_extensions (0.0.9)
      activerecord (> 0)
      airbrake
      dino_utils (>= 0.1.16)
      pg (> 0)
      que (= 0.11.5)

GEM
  remote: https://rubygems.org/
  specs:
    activemodel (4.2.6)
      activesupport (= 4.2.6)
      builder (~> 3.1)
    activerecord (4.2.6)
      activemodel (= 4.2.6)
      activesupport (= 4.2.6)
      arel (~> 6.0)
    activesupport (4.2.6)
      i18n (~> 0.7)
      json (~> 1.7, >= 1.7.7)
      minitest (~> 5.1)
      thread_safe (~> 0.3, >= 0.3.4)
      tzinfo (~> 1.1)
    airbrake (4.3.3)
      builder
      multi_json
    arel (6.0.3)
    builder (3.2.2)
    dino_utils (0.1.16)
      activerecord (>= 3)
      faraday
      faraday-conductivity
      faraday_middleware
      hashie
      pg
    faraday (0.9.2)
      multipart-post (>= 1.2, < 3)
    faraday-conductivity (0.3.1)
      faraday (~> 0.8)
    faraday_middleware (0.10.0)
      faraday (>= 0.7.4, < 0.10)
    hashie (3.4.4)
    i18n (0.7.0)
    json (1.8.3)
    minitest (5.9.0)
    multi_json (1.12.1)
    multipart-post (2.0.0)
    pg (0.18.4)
    que (0.11.5)
    thread_safe (0.3.5)
    tzinfo (1.2.2)
      thread_safe (~> 0.1)

PLATFORMS
  ruby

DEPENDENCIES
  tanga_que_extensions!

BUNDLED WITH
   1.12.5
